GIT
  remote: git://github.com/clarat-org/clarat_base.git
  revision: f8dbc4e3f512572312094385a7bfeebc9c7d5196
  specs:
    clarat_base (0.1.4)
      aasm
      algoliasearch-rails
      bundler (>= 1.8.4)
      closure_tree
      easy_translate
      enumerize (= 2.0.1)
      friendly_id (>= 5.0)
      geocoder
      localeapp
      paper_trail
      rails (~> 4.2)
      rails-i18n
      rails-observers
      redcarpet
      sanitize
      sidekiq (~> 4.1.2)
      web-console (~> 2.0)

GIT
  remote: git://github.com/efqdalton/dynamic_sitemaps.git
  revision: f229cb40391ab3283efd2091ab58bbec68c720cf
  branch: adds-custom-storages
  specs:
    dynamic_sitemaps (2.0.0)
      aws-sdk

GEM
  remote: https://rubygems.org/
  remote: https://rails-assets.org/
  specs:
    aasm (4.12.0)
      concurrent-ruby (~> 1.0)
    actionmailer (4.2.8)
      actionpack (= 4.2.8)
      actionview (= 4.2.8)
      activejob (= 4.2.8)
      mail (~> 2.5, >= 2.5.4)
      rails-dom-testing (~> 1.0, >= 1.0.5)
    actionpack (4.2.8)
      actionview (= 4.2.8)
      activesupport (= 4.2.8)
      rack (~> 1.6)
      rack-test (~> 0.6.2)
      rails-dom-testing (~> 1.0, >= 1.0.5)
      rails-html-sanitizer (~> 1.0, >= 1.0.2)
    actionview (4.2.8)
      activesupport (= 4.2.8)
      builder (~> 3.1)
      erubis (~> 2.7.0)
      rails-dom-testing (~> 1.0, >= 1.0.5)
      rails-html-sanitizer (~> 1.0, >= 1.0.3)
    activejob (4.2.8)
      activesupport (= 4.2.8)
      globalid (>= 0.3.0)
    activemodel (4.2.8)
      activesupport (= 4.2.8)
      builder (~> 3.1)
    activerecord (4.2.8)
      activemodel (= 4.2.8)
      activesupport (= 4.2.8)
      arel (~> 6.0)
    activesupport (4.2.8)
      i18n (~> 0.7)
      minitest (~> 5.1)
      thread_safe (~> 0.3, >= 0.3.4)
      tzinfo (~> 1.1)
    addressable (2.5.1)
      public_suffix (~> 2.0, >= 2.0.2)
    algoliasearch (1.12.7)
      httpclient (~> 2.8.3)
      json (>= 1.5.1)
    algoliasearch-rails (1.19.1)
      algoliasearch (~> 1.12.4)
      json (>= 1.5.1)
    arcane (1.1.1)
      actionpack (>= 3.0.0, < 5.0.0)
      activesupport (>= 3.0.0, < 5.0.0)
    arel (6.0.4)
    ast (2.3.0)
    autoprefixer-rails (7.1.1)
      execjs
    awesome_print (1.7.0)
    aws-sdk (2.9.31)
      aws-sdk-resources (= 2.9.31)
    aws-sdk-core (2.9.31)
      aws-sigv4 (~> 1.0)
      jmespath (~> 1.0)
    aws-sdk-resources (2.9.31)
      aws-sdk-core (= 2.9.31)
    aws-sigv4 (1.0.0)
    axiom-types (0.1.1)
      descendants_tracker (~> 0.0.4)
      ice_nine (~> 0.11.0)
      thread_safe (~> 0.3, >= 0.3.1)
    better_errors (2.1.1)
      coderay (>= 1.0.0)
      erubis (>= 2.6.6)
      rack (>= 0.9.0)
    binding_of_caller (0.7.2)
      debug_inspector (>= 0.0.1)
    bootstrap-sass (3.3.5)
      autoprefixer-rails (>= 5.0.0.1)
      sass (>= 3.2.19)
    brakeman (3.6.2)
    builder (3.2.3)
    bullet (5.5.1)
      activesupport (>= 3.0.0)
      uniform_notifier (~> 1.10.0)
    byebug (9.0.6)
    callsite (0.0.11)
    capybara (2.14.0)
      addressable
      mime-types (>= 1.16)
      nokogiri (>= 1.3.3)
      rack (>= 1.0.0)
      rack-test (>= 0.5.4)
      xpath (~> 2.0)
    cells (4.0.5)
      tilt (>= 1.4, < 3)
      uber (~> 0.0.9)
    cells-slim (0.0.5)
      cells (>= 4.0.1, < 6.0.0)
      slim (~> 3.0)
    choice (0.2.0)
    closure_tree (6.5.0)
      activerecord (>= 4.1.0)
      with_advisory_lock (>= 3.0.0)
    code_analyzer (0.4.7)
      sexp_processor
    coderay (1.1.1)
    coercible (1.0.0)
      descendants_tracker (~> 0.0.1)
    coffee-rails (4.0.1)
      coffee-script (>= 2.2.0)
      railties (>= 4.0.0, < 5.0)
    coffee-script (2.4.1)
      coffee-script-source
      execjs
    coffee-script-source (1.12.2)
    concurrent-ruby (1.0.5)
    connection_pool (2.2.1)
    coveralls (0.8.21)
      json (>= 1.8, < 3)
      simplecov (~> 0.14.1)
      term-ansicolor (~> 1.3)
      thor (~> 0.19.4)
      tins (~> 1.6)
    crack (0.4.3)
      safe_yaml (~> 1.0.0)
    crass (1.0.2)
    daemons (1.2.4)
    dalli (2.7.6)
    database_cleaner (1.6.1)
    debug_inspector (0.0.3)
    descendants_tracker (0.0.4)
      thread_safe (~> 0.3, >= 0.3.1)
    docile (1.1.5)
    domain_name (0.5.20170404)
      unf (>= 0.0.5, < 1.0.0)
    dotenv (2.2.1)
    dotenv-rails (2.2.1)
      dotenv (= 2.2.1)
      railties (>= 3.2, < 5.2)
    easy_translate (0.5.0)
      json
      thread
      thread_safe
    email_spec (2.1.1)
      htmlentities (~> 4.3.3)
      launchy (~> 2.1)
      mail (~> 2.6)
    enumerize (2.0.1)
      activesupport (>= 3.2)
    equalizer (0.0.11)
    erubis (2.7.0)
    eventmachine (1.2.3)
    execjs (2.7.0)
    factory_girl (4.8.0)
      activesupport (>= 3.0.0)
    factory_girl_rails (4.8.0)
      factory_girl (~> 4.8.0)
      railties (>= 3.0.0)
    fakeredis (0.6.0)
      redis (~> 3.2)
    fakeweb (1.3.0)
    ffaker (2.5.0)
    font-awesome-rails (4.7.0.2)
      railties (>= 3.2, < 5.2)
    formtastic (3.1.5)
      actionpack (>= 3.2.13)
    friendly_id (5.2.1)
      activerecord (>= 4.0.0)
    geocoder (1.4.4)
    gibbon (1.2.1)
      httparty
      multi_json (>= 1.9.0)
    git-version-bump (0.15.1)
    gli (2.16.0)
    globalid (0.4.0)
      activesupport (>= 4.2.0)
    haml (5.0.1)
      temple (>= 0.8.0)
      tilt
    hamlbars (2.1.1)
      execjs (>= 1.2)
      haml
      sprockets (>= 2.0)
      tilt
    handlebars_assets (0.23.2)
      execjs (~> 2.0)
      sprockets (>= 2.0.0)
      tilt (>= 1.2)
    hashdiff (0.3.4)
    heroku-deflater (0.6.3)
      rack (>= 1.4.5)
    hike (1.2.3)
    hirb (0.7.3)
    hogan_assets (1.6.0)
      execjs (>= 1.2.9)
      sprockets (>= 2.0.3)
      tilt (>= 1.3.3)
    htmlentities (4.3.4)
    http-cookie (1.0.3)
      domain_name (~> 0.5)
    httparty (0.15.5)
      multi_xml (>= 0.5.2)
    httpclient (2.8.3)
    i18n (0.8.4)
    i18n-js (3.0.0)
      i18n (~> 0.6, >= 0.6.6)
    ice_nine (0.11.2)
    interception (0.5)
    jbuilder (2.7.0)
      activesupport (>= 4.2.0)
      multi_json (>= 1.2)
    jmespath (1.3.1)
    jquery-rails (4.3.1)
      rails-dom-testing (>= 1, < 3)
      railties (>= 4.2.0)
      thor (>= 0.14, < 2.0)
    json (1.8.6)
    kaminari (1.0.1)
      activesupport (>= 4.1.0)
      kaminari-actionview (= 1.0.1)
      kaminari-activerecord (= 1.0.1)
      kaminari-core (= 1.0.1)
    kaminari-actionview (1.0.1)
      actionview
      kaminari-core (= 1.0.1)
    kaminari-activerecord (1.0.1)
      activerecord
      kaminari-core (= 1.0.1)
    kaminari-core (1.0.1)
    kgio (2.11.0)
    launchy (2.4.3)
      addressable (~> 2.3)
    letter_opener (1.4.1)
      launchy (~> 2.2)
    libv8 (3.16.14.19)
    localeapp (2.1.1)
      gli
      i18n (~> 0.4)
      json
      rest-client
    lograge (0.5.1)
      actionpack (>= 4, < 5.2)
      activesupport (>= 4, < 5.2)
      railties (>= 4, < 5.2)
    loofah (2.0.3)
      nokogiri (>= 1.5.9)
    mail (2.6.5)
      mime-types (>= 1.16, < 4)
    memcachier (0.0.2)
    memory_test_fix (1.3.0)
      activerecord (>= 4.0.0, < 4.99.0)
      railties (>= 4.0.0, < 4.99.0)
    meta_request (0.4.3)
      callsite (~> 0.0, >= 0.0.11)
      rack-contrib (>= 1.1, < 3)
      railties (>= 3.0.0, < 5.2.0)
    metaclass (0.0.4)
    method_source (0.8.2)
    mime-types (3.1)
      mime-types-data (~> 3.2015)
    mime-types-data (3.2016.0521)
    mini_portile2 (2.0.0)
    minitest (5.10.1)
    minitest-capybara (0.8.2)
      capybara (~> 2.2)
      minitest (~> 5.0)
      rake
    minitest-line (0.6.3)
      minitest (~> 5.0)
    minitest-matchers (1.4.1)
      minitest (~> 5.0)
    minitest-metadata (0.6.0)
      minitest (>= 4.7, < 6.0)
    minitest-rails (2.2.1)
      minitest (~> 5.7)
      railties (~> 4.1)
    minitest-rails-capybara (2.1.2)
      capybara (~> 2.7)
      minitest-capybara (~> 0.8)
      minitest-metadata (~> 0.6)
      minitest-rails (~> 2.1)
    mocha (1.2.1)
      metaclass (~> 0.0.1)
    multi_json (1.12.1)
    multi_xml (0.6.0)
    netrc (0.11.0)
    newrelic_rpm (4.2.0.334)
    nokogiri (1.6.7.2)
      mini_portile2 (~> 2.0.0.rc2)
    nokogumbo (1.4.12)
      nokogiri
    paper_trail (7.0.3)
      activerecord (>= 4.0, < 5.2)
      request_store (~> 1.1)
    parallel (1.11.2)
    parser (2.4.0.0)
      ast (~> 2.2)
    pg (0.20.0)
    powerpack (0.1.1)
    pry (0.10.4)
      coderay (~> 1.1.0)
      method_source (~> 0.8.1)
      slop (~> 3.4)
    pry-byebug (3.4.2)
      byebug (~> 9.0)
      pry (~> 0.10)
    pry-doc (0.10.0)
      pry (~> 0.9)
      yard (~> 0.9)
    pry-rails (0.3.6)
      pry (>= 0.10.4)
    pry-rescue (1.4.5)
      interception (>= 0.5)
      pry
    pry-stack_explorer (0.4.9.2)
      binding_of_caller (>= 0.7)
      pry (>= 0.9.11)
    public_suffix (2.0.5)
    puma (3.9.1)
    pundit (1.1.0)
      activesupport (>= 3.0.0)
    quiet_assets (1.1.0)
      railties (>= 3.1, < 5.0)
    rack (1.6.8)
    rack-attack (5.0.1)
      rack
    rack-cache (1.7.0)
      rack (>= 0.4)
    rack-contrib (1.4.0)
      git-version-bump (~> 0.15)
      rack (~> 1.4)
    rack-protection (1.5.3)
      rack
    rack-rewrite (1.5.1)
    rack-test (0.6.3)
      rack (>= 1.0)
    rails (4.2.8)
      actionmailer (= 4.2.8)
      actionpack (= 4.2.8)
      actionview (= 4.2.8)
      activejob (= 4.2.8)
      activemodel (= 4.2.8)
      activerecord (= 4.2.8)
      activesupport (= 4.2.8)
      bundler (>= 1.3.0, < 2.0)
      railties (= 4.2.8)
      sprockets-rails
    rails-assets-algoliasearch (3.22.3)
    rails-assets-ev-emitter (1.0.3)
    rails-assets-flexibility (2.0.1)
    rails-assets-hammerjs (2.0.8)
    rails-assets-iCheck (1.0.2)
      rails-assets-jquery (>= 1.7)
    rails-assets-ifvisible.js (2.0.10)
    rails-assets-imagesloaded (4.1.2)
      rails-assets-ev-emitter (~> 1.0.0)
    rails-assets-isInViewport (3.0.0)
    rails-assets-jquery (2.2.4)
    rails-assets-jquery-cookie (1.4.1)
      rails-assets-jquery (>= 1.2)
    rails-assets-lodash (4.17.4)
    rails-assets-qtip2 (2.2.1)
      rails-assets-imagesloaded (>= 3.0.0)
      rails-assets-jquery (>= 1.6.0)
    rails-assets-shariff (1.24.1)
      rails-assets-jquery (>= 2.1.1, < 3)
    rails-assets-sticky-kit (1.1.2)
    rails-deprecated_sanitizer (1.0.3)
      activesupport (>= 4.2.0.alpha)
    rails-dom-testing (1.0.8)
      activesupport (>= 4.2.0.beta, < 5.0)
      nokogiri (~> 1.6)
      rails-deprecated_sanitizer (>= 1.0.1)
    rails-erd (1.5.2)
      activerecord (>= 3.2)
      activesupport (>= 3.2)
      choice (~> 0.2.0)
      ruby-graphviz (~> 1.2)
    rails-html-sanitizer (1.0.3)
      loofah (~> 2.0)
    rails-i18n (4.0.9)
      i18n (~> 0.7)
      railties (~> 4.0)
    rails-observers (0.1.2)
      activemodel (~> 4.0)
    rails_12factor (0.0.3)
      rails_serve_static_assets
      rails_stdout_logging
    rails_best_practices (1.18.1)
      activesupport
      code_analyzer (>= 0.4.3)
      erubis
      i18n
      json
      require_all
      ruby-progressbar
    rails_serve_static_assets (0.0.5)
    rails_stdout_logging (0.0.5)
    railties (4.2.8)
      actionpack (= 4.2.8)
      activesupport (= 4.2.8)
      rake (>= 0.8.7)
      thor (>= 0.18.1, < 2.0)
    rainbow (2.2.2)
      rake
    rake (12.0.0)
    rdoc (4.3.0)
    redcarpet (3.4.0)
    redis (3.3.3)
    ref (2.0.0)
    request_store (1.3.2)
    require_all (1.4.0)
    responders (2.4.0)
      actionpack (>= 4.2.0, < 5.3)
      railties (>= 4.2.0, < 5.3)
    rest-client (2.0.2)
      http-cookie (>= 1.0.2, < 2.0)
      mime-types (>= 1.16, < 4.0)
      netrc (~> 0.8)
    route_translator (4.4.1)
      actionpack (>= 3.2, < 5.0)
      activesupport (>= 3.2, < 5.0)
    rubocop (0.49.1)
      parallel (~> 1.10)
      parser (>= 2.3.3.1, < 3.0)
      powerpack (~> 0.1)
      rainbow (>= 1.99.1, < 3.0)
      ruby-progressbar (~> 1.7)
      unicode-display_width (~> 1.0, >= 1.0.1)
    ruby-graphviz (1.2.3)
    ruby-progressbar (1.8.1)
    safe_yaml (1.0.4)
    sanitize (4.5.0)
      crass (~> 1.0.2)
      nokogiri (>= 1.4.4)
      nokogumbo (~> 1.4.1)
    sass (3.2.19)
    sass-rails (4.0.5)
      railties (>= 4.0.0, < 5.0)
      sass (~> 3.2.2)
      sprockets (~> 2.8, < 3.0)
      sprockets-rails (~> 2.0)
    sdoc (0.4.2)
      json (~> 1.7, >= 1.7.7)
      rdoc (~> 4.0)
    sexp_processor (4.9.0)
    shoulda (3.5.0)
      shoulda-context (~> 1.0, >= 1.0.1)
      shoulda-matchers (>= 1.4.1, < 3.0)
    shoulda-context (1.2.2)
    shoulda-matchers (2.8.0)
      activesupport (>= 3.0.0)
    sidekiq (4.1.4)
      concurrent-ruby (~> 1.0)
      connection_pool (~> 2.2, >= 2.2.0)
      redis (~> 3.2, >= 3.2.1)
      sinatra (>= 1.4.7)
    simple_form (3.5.0)
      actionpack (> 4, < 5.2)
      activemodel (> 4, < 5.2)
    simplecov (0.14.1)
      docile (~> 1.1.0)
      json (>= 1.8, < 3)
      simplecov-html (~> 0.10.0)
    simplecov-html (0.10.1)
    sinatra (1.4.8)
      rack (~> 1.5)
      rack-protection (~> 1.4)
      tilt (>= 1.3, < 3)
    slim (3.0.8)
      temple (>= 0.7.6, < 0.9)
      tilt (>= 1.3.3, < 2.1)
    slim-rails (3.1.2)
      actionpack (>= 3.1)
      railties (>= 3.1)
      slim (~> 3.0)
    slop (3.6.0)
    spring (2.0.2)
      activesupport (>= 4.2)
    sprockets (2.12.4)
      hike (~> 1.2)
      multi_json (~> 1.0)
      rack (~> 1.0)
      tilt (~> 1.1, != 1.3.0)
    sprockets-rails (2.3.3)
      actionpack (>= 3.0)
      activesupport (>= 3.0)
      sprockets (>= 2.8, < 4.0)
    sqlite3 (1.3.13)
    temple (0.8.0)
    term-ansicolor (1.6.0)
      tins (~> 1.0)
    therubyracer (0.12.3)
      libv8 (~> 3.16.14.15)
      ref
    thin (1.7.0)
      daemons (~> 1.0, >= 1.0.9)
      eventmachine (~> 1.0, >= 1.0.4)
      rack (>= 1, < 3)
    thor (0.19.4)
    thread (0.2.2)
    thread_safe (0.3.6)
    tilt (1.4.1)
    timecop (0.8.1)
    tins (1.14.0)
    tzinfo (1.2.3)
      thread_safe (~> 0.1)
    uber (0.0.15)
    uglifier (3.2.0)
      execjs (>= 0.3.0, < 3)
    unf (0.1.4)
      unf_ext
    unf_ext (0.0.7.4)
    unicode-display_width (1.2.1)
    uniform_notifier (1.10.0)
    virtus (1.0.5)
      axiom-types (~> 0.1)
      coercible (~> 1.0)
      descendants_tracker (~> 0.0, >= 0.0.3)
      equalizer (~> 0.0, >= 0.0.9)
    web-console (2.3.0)
      activemodel (>= 4.0)
      binding_of_caller (>= 0.7.2)
      railties (>= 4.0)
      sprockets-rails (>= 2.0, < 4.0)
    webmock (3.0.1)
      addressable (>= 2.3.6)
      crack (>= 0.3.2)
      hashdiff
    with_advisory_lock (3.1.0)
      activerecord (>= 3.2)
      thread_safe
    xpath (2.1.0)
      nokogiri (~> 1.3)
    yard (0.9.9)

PLATFORMS
  ruby

DEPENDENCIES
  arcane (= 1.1.1)
  autoprefixer-rails
  awesome_print
  better_errors
  binding_of_caller
  bootstrap-sass
  brakeman
  bullet
  bundler (>= 1.8.4)
  cells (~> 4.0.0)
  cells-slim
  clarat_base!
  coffee-rails (~> 4.0.0)
  coveralls
  dalli
  database_cleaner
  dotenv-rails
  dynamic_sitemaps!
  email_spec
  factory_girl_rails
  fakeredis
  fakeweb (~> 1.3)
  ffaker
  font-awesome-rails
  formtastic
  gibbon (~> 1.2.0)
  haml
  hamlbars (~> 2.0)
  handlebars_assets
  heroku-deflater
  hirb
  hogan_assets
  i18n-js (>= 3.0.0.rc6)
  jbuilder
  jquery-rails
  kaminari
  kgio
  launchy
  letter_opener
  localeapp
  lograge
  memcachier
  memory_test_fix
  meta_request
  minitest (= 5.10.1)
  minitest-line
  minitest-matchers
  minitest-rails-capybara
  mocha
  newrelic_rpm
  nokogiri (= 1.6.7.2)
  pg
  pry-byebug
  pry-doc
  pry-rails
  pry-rescue
  pry-stack_explorer
  puma
  pundit
  quiet_assets
  rack-attack
  rack-cache
  rack-rewrite
  rails (~> 4.2)
  rails-assets-algoliasearch!
  rails-assets-flexibility!
  rails-assets-hammerjs!
  rails-assets-iCheck!
  rails-assets-ifvisible.js!
  rails-assets-isInViewport!
  rails-assets-jquery!
  rails-assets-jquery-cookie!
  rails-assets-lodash!
  rails-assets-qtip2!
  rails-assets-shariff!
  rails-assets-sticky-kit!
  rails-erd
  rails-i18n
  rails_12factor
  rails_best_practices
  rake
  responders (~> 2.0)
  route_translator
  rubocop
  sass-rails (~> 4.0.2)
  sdoc
  shoulda
  simple_form
  simplecov
  slim-rails
  spring
  sqlite3
  therubyracer
  thin
  timecop
  uglifier (>= 1.3.0)
  virtus
  webmock

RUBY VERSION
   ruby 2.3.3p222

BUNDLED WITH
   1.14.5
